GEM
  remote: http://rubygems.org/
  specs:
    coffee-script (2.2.0)
      coffee-script-source
      execjs
    coffee-script-source (1.1.2)
    directory_watcher (1.4.1)
    execjs (1.2.6)
      multi_json (~> 1.0)
    haml (3.1.3)
    multi_json (1.0.3)
    rack (1.3.3)
    rack-rewrite (1.1.0)
    redis (2.2.2)
    sass (3.1.7)
    slop (2.1.0)
    stasis (0.1.9)
      directory_watcher (~> 1.4.0)
      redis (~> 2.2.1)
      slop (~> 2.1.0)
      tilt (~> 1.3)
      yajl-ruby (~> 0.8.2)
    tilt (1.3.3)
    yajl-ruby (0.8.3)

PLATFORMS
  ruby

DEPENDENCIES
  coffee-script
  haml
  rack
  rack-rewrite
  sass
  stasis
